GIT
  remote: git://github.com/Fire-Dragon-DoL/sass.git
  revision: 87fcd7ae522ec385bdc7bf74ca389f6b18b35bd9
  branch: master
  specs:
    sass (3.3.0.rc.1)
      listen (~> 1.1.0)

GEM
  remote: https://rubygems.org/
  specs:
    activesupport (4.0.0)
      i18n (~> 0.6, >= 0.6.4)
      minitest (~> 4.2)
      multi_json (~> 1.3)
      thread_safe (~> 0.1)
      tzinfo (~> 0.3.37)
    atomic (1.1.14)
    chunky_png (1.2.9)
    classifier (1.3.3)
      fast-stemmer (>= 1.0.0)
    coffee-script (2.2.0)
      coffee-script-source
      execjs
    coffee-script-source (1.6.3)
    colorator (0.1)
    colored (1.2)
    commander (4.1.5)
      highline (~> 1.6.11)
    compass (0.13.alpha.9)
      chunky_png (~> 1.2)
      json
      listen (~> 1.1.0)
      sass (~> 3.3.0.rc.1)
    directory_watcher (1.4.1)
    execjs (2.0.2)
    fast-stemmer (1.0.2)
    ffi (1.9.0)
    highline (1.6.20)
    hike (1.2.3)
    i18n (0.6.5)
    jekyll (1.2.1)
      classifier (~> 1.3)
      colorator (~> 0.1)
      commander (~> 4.1.3)
      directory_watcher (~> 1.4.1)
      liquid (~> 2.5.2)
      maruku (~> 0.5)
      pygments.rb (~> 0.5.0)
      redcarpet (~> 2.3.0)
      safe_yaml (~> 0.7.0)
    jekyll-assets (0.7.3)
      jekyll (~> 1.0)
      sprockets (~> 2.10)
    jekyll-contentblocks (0.0.2)
      jekyll
    jekyll-slim (0.8.2)
      jekyll (>= 0.10.0)
      slim
    json (1.8.1)
    libv8 (3.16.14.3)
    liquid (2.5.3)
    listen (1.1.6)
      rb-fsevent (>= 0.9.3)
      rb-inotify (>= 0.9)
      rb-kqueue (>= 0.2)
    maruku (0.7.0)
    minitest (4.7.5)
    multi_json (1.8.2)
    posix-spawn (0.3.6)
    pygments.rb (0.5.2)
      posix-spawn (~> 0.3.6)
      yajl-ruby (~> 1.1.0)
    rack (1.5.2)
    rb-fsevent (0.9.3)
    rb-inotify (0.9.2)
      ffi (>= 0.5.0)
    rb-kqueue (0.2.0)
      ffi (>= 0.5.0)
    redcarpet (2.3.0)
    ref (1.0.5)
    safe_yaml (0.7.1)
    slim (2.0.1)
      temple (~> 0.6.6)
      tilt (>= 1.3.3, < 2.1)
    sprockets (2.10.0)
      hike (~> 1.2)
      multi_json (~> 1.0)
      rack (~> 1.0)
      tilt (~> 1.1, != 1.3.0)
    temple (0.6.7)
    therubyracer (0.12.0)
      libv8 (~> 3.16.14.0)
      ref
    thor (0.18.1)
    thread_safe (0.1.3)
      atomic
    tilt (1.4.1)
    tzinfo (0.3.37)
    uglifier (2.2.1)
      execjs (>= 0.3.0)
      multi_json (~> 1.0, >= 1.0.2)
    utf8_symbols (0.0.1)
    yajl-ruby (1.1.0)

PLATFORMS
  ruby

DEPENDENCIES
  activesupport (~> 4.0.0)
  bundler (~> 1.3.5)
  coffee-script (~> 2.2.0)
  colored (~> 1.2)
  compass (~> 0.13.alpha.9)
  jekyll (~> 1.2.1)
  jekyll-assets (~> 0.7.3)
  jekyll-contentblocks (~> 0.0.2)
  jekyll-slim (~> 0.8.2)
  sass (~> 3.3.0.rc.1)!
  slim (~> 2.0.1)
  therubyracer (~> 0.12.0)
  thor (~> 0.18.1)
  tilt (~> 1.4.1)
  uglifier (~> 2.2.1)
  utf8_symbols (~> 0.0.1)
